GEM
  remote: https://rubygems.org/
  specs:
    ast (2.4.2)
    ffi (1.15.5)
    inesita (1.0.pre.6)
      listen (~> 3.0)
      opal (~> 1.0)
      opal-virtual-dom (~> 0.6.1)
      rack (~> 2.0)
      thor (~> 1.2)
    inesita-livereload (0.1.1)
      listen (~> 3.0)
      opal (~> 1.0)
      websocket (~> 1.0)
    inesita-router (0.4.0.pre.2)
      inesita (~> 1.0.pre)
    listen (3.8.0)
      rb-fsevent (~> 0.10, >= 0.10.3)
      rb-inotify (~> 0.9, >= 0.9.10)
    nio4r (2.5.9)
    opal (1.7.3)
      ast (>= 2.3.0)
      parser (~> 3.0, >= 3.0.3.2)
    opal-browser (0.3.3)
      opal (>= 1.0, < 2.0)
      paggio (>= 0.3.0)
    opal-sid (0.0.4)
      opal
    opal-virtual-dom (0.6.1)
      opal (> 0)
    opal-web-midi (0.0.2)
      opal
    paggio (0.3.0)
    parser (3.2.2.1)
      ast (~> 2.4.1)
    puma (6.2.2)
      nio4r (~> 2.0)
    rack (2.2.7)
    rake (13.0.6)
    rb-fsevent (0.11.2)
    rb-inotify (0.10.1)
      ffi (~> 1.0)
    thor (1.2.2)
    websocket (1.2.9)

PLATFORMS
  x86_64-darwin-22

DEPENDENCIES
  inesita (~> 1.0.pre)
  inesita-livereload
  inesita-router (~> 0.4.0.pre)
  opal-browser
  opal-sid
  opal-web-midi
  puma
  rake

BUNDLED WITH
   2.4.12
