PATH
  remote: /Users/fazibear/dev/inesita
  specs:
    inesita (0.4.3)
      listen (~> 3.0)
      opal (>= 0.9, < 0.11)
      opal-virtual-dom (~> 0.4.0)
      rack-rewrite (~> 1.5)
      sass (~> 3.4)
      slim (~> 3.0)
      thor (~> 0.19)

PATH
  remote: /Users/fazibear/dev/opal-sid
  specs:
    opal-sid (0.0.3)
      opal

GEM
  remote: https://rubygems.org/
  specs:
    bowser (0.2.1)
      opal (>= 0.7.0, < 0.12.0)
    concurrent-ruby (1.0.2)
    execjs (2.7.0)
    ffi (1.9.14)
    hike (1.2.3)
    htmlcompressor (0.3.1)
    inesita-livereload (0.1.0)
      listen (~> 3.0)
      opal (~> 0.9)
      websocket (~> 1.0)
    listen (3.1.5)
      rb-fsevent (~> 0.9, >= 0.9.4)
      rb-inotify (~> 0.9, >= 0.9.7)
      ruby_dep (~> 1.2)
    opal (0.10.2)
      hike (~> 1.2)
      sourcemap (~> 0.1.0)
      sprockets (~> 3.1)
      tilt (>= 1.4)
    opal-virtual-dom (0.4.2)
      opal
    opal-web-midi (0.0.1)
      opal
    rack (2.0.1)
    rack-rewrite (1.5.1)
    rake (11.3.0)
    rb-fsevent (0.9.7)
    rb-inotify (0.9.7)
      ffi (>= 0.5.0)
    ruby_dep (1.4.0)
    sass (3.4.22)
    slim (3.0.7)
      temple (~> 0.7.6)
      tilt (>= 1.3.3, < 2.1)
    sourcemap (0.1.1)
    sprockets (3.7.0)
      concurrent-ruby (~> 1.0)
      rack (> 1, < 3)
    temple (0.7.7)
    thor (0.19.1)
    tilt (2.0.5)
    uglifier (3.0.2)
      execjs (>= 0.3.0, < 3)
    websocket (1.2.3)

PLATFORMS
  ruby

DEPENDENCIES
  bowser
  htmlcompressor
  inesita!
  inesita-livereload
  opal-sid!
  opal-web-midi
  rake
  uglifier

BUNDLED WITH
   1.13.1
