PATH
  remote: /Users/fazibear/dev/inesita
  specs:
    inesita (0.3.6)
      listen (~> 3.0)
      opal (~> 0.9)
      opal-virtual-dom (~> 0.3.0)
      rack-rewrite (~> 1.5)
      sass (~> 3.4)
      slim (~> 3.0)
      thor (~> 0.19)
      websocket (~> 1.0)

GEM
  remote: https://rubygems.org/
  specs:
    concurrent-ruby (1.0.1)
    ffi (1.9.10)
    hike (1.2.3)
    listen (3.0.6)
      rb-fsevent (>= 0.9.3)
      rb-inotify (>= 0.9.7)
    opal (0.9.2)
      hike (~> 1.2)
      sourcemap (~> 0.1.0)
      sprockets (~> 3.1)
      tilt (>= 1.4)
    opal-virtual-dom (0.3.0)
      opal
    rack (1.6.4)
    rack-rewrite (1.5.1)
    rb-fsevent (0.9.7)
    rb-inotify (0.9.7)
      ffi (>= 0.5.0)
    sass (3.4.22)
    slim (3.0.6)
      temple (~> 0.7.3)
      tilt (>= 1.3.3, < 2.1)
    sourcemap (0.1.1)
    sprockets (3.5.2)
      concurrent-ruby (~> 1.0)
      rack (> 1, < 3)
    temple (0.7.6)
    thor (0.19.1)
    tilt (2.0.2)
    websocket (1.2.2)

PLATFORMS
  ruby

DEPENDENCIES
  inesita!

BUNDLED WITH
   1.11.2
